PATH
  remote: .
  specs:
    gcpc-interceptors (0.0.2)
      gcpc

GEM
  remote: https://rubygems.org/
  specs:
    addressable (2.6.0)
      public_suffix (>= 2.0.2, < 4.0)
    coderay (1.1.2)
    concurrent-ruby (1.1.5)
    diff-lcs (1.3)
    faraday (0.15.4)
      multipart-post (>= 1.2, < 3)
    gcpc (0.0.4)
      google-cloud-pubsub
    google-cloud-core (1.3.0)
      google-cloud-env (~> 1.0)
    google-cloud-env (1.2.0)
      faraday (~> 0.11)
    google-cloud-pubsub (0.37.0)
      concurrent-ruby (~> 1.1)
      google-cloud-core (~> 1.2)
      google-gax (~> 1.3)
      googleapis-common-protos (>= 1.3.9, < 2.0)
      grpc-google-iam-v1 (~> 0.6.9)
    google-gax (1.7.0)
      google-protobuf (~> 3.2)
      googleapis-common-protos (>= 1.3.5, < 2.0)
      googleauth (>= 0.6.2, < 0.10.0)
      grpc (>= 1.7.2, < 2.0)
      rly (~> 0.2.3)
    google-protobuf (3.19.2)
    googleapis-common-protos (1.3.9)
      google-protobuf (~> 3.0)
      googleapis-common-protos-types (~> 1.0)
      grpc (~> 1.0)
    googleapis-common-protos-types (1.0.4)
      google-protobuf (~> 3.0)
    googleauth (0.8.1)
      faraday (~> 0.12)
      jwt (>= 1.4, < 3.0)
      memoist (~> 0.16)
      multi_json (~> 1.11)
      os (>= 0.9, < 2.0)
      signet (~> 0.7)
    grpc (1.21.0)
      google-protobuf (~> 3.7)
      googleapis-common-protos-types (~> 1.0)
    grpc-google-iam-v1 (0.6.9)
      googleapis-common-protos (>= 1.3.1, < 2.0)
      grpc (~> 1.0)
    jwt (2.2.1)
    memoist (0.16.0)
    method_source (0.9.2)
    mock_redis (0.20.0)
    multi_json (1.13.1)
    multipart-post (2.1.1)
    os (1.0.1)
    pry (0.12.2)
      coderay (~> 1.1.0)
      method_source (~> 0.9.0)
    public_suffix (3.1.1)
    rake (13.0.1)
    rly (0.2.3)
    rspec (3.8.0)
      rspec-core (~> 3.8.0)
      rspec-expectations (~> 3.8.0)
      rspec-mocks (~> 3.8.0)
    rspec-core (3.8.0)
      rspec-support (~> 3.8.0)
    rspec-expectations (3.8.3)
      diff-lcs (>= 1.2.0, < 2.0)
      rspec-support (~> 3.8.0)
    rspec-mocks (3.8.0)
      diff-lcs (>= 1.2.0, < 2.0)
      rspec-support (~> 3.8.0)
    rspec-support (3.8.0)
    signet (0.11.0)
      addressable (~> 2.3)
      faraday (~> 0.9)
      jwt (>= 1.5, < 3.0)
      multi_json (~> 1.10)
    timecop (0.9.1)

PLATFORMS
  ruby

DEPENDENCIES
  bundler (~> 1.17)
  gcpc-interceptors!
  mock_redis (~> 0.20)
  pry
  rake (~> 13.0)
  rspec (~> 3.2)
  timecop

BUNDLED WITH
   1.17.2
